GEM
  remote: https://rubygems.org/
  specs:
    rubiks_cube (1.3.0)

PLATFORMS
  ruby

DEPENDENCIES
  rubiks_cube
